PATH
  remote: .
  specs:
    zurb-foundation (4.3.2)
      sass (>= 3.2.0)

GEM
  remote: https://rubygems.org/
  specs:
    childprocess (0.3.9)
      ffi (~> 1.0, >= 1.0.11)
    diff-lcs (1.2.4)
    ffi (1.9.0)
    ffi (1.9.0-x86-mingw32)
    jasmine (1.3.2)
      jasmine-core (~> 1.3.1)
      rack (~> 1.0)
      rspec (>= 1.3.1)
      selenium-webdriver (>= 0.1.3)
    jasmine-core (1.3.1)
    multi_json (1.7.9)
    rack (1.5.2)
    rake (10.0.3)
    rspec (2.14.1)
      rspec-core (~> 2.14.0)
      rspec-expectations (~> 2.14.0)
      rspec-mocks (~> 2.14.0)
    rspec-core (2.14.5)
    rspec-expectations (2.14.2)
      diff-lcs (>= 1.1.3, < 2.0)
    rspec-mocks (2.14.3)
    rubyzip (0.9.9)
    sass (3.2.10)
    selenium-webdriver (2.35.1)
      childprocess (>= 0.2.5)
      multi_json (~> 1.0)
      rubyzip (< 1.0.0)
      websocket (~> 1.0.4)
    websocket (1.0.7)

PLATFORMS
  ruby
  x86-mingw32

DEPENDENCIES
  jasmine
  rake
  zurb-foundation!
