GEM
  remote: http://rubygems.org/
  specs:
    POpen4 (0.1.4)
      Platform (>= 0.4.0)
      open4
    Platform (0.4.0)
    execjs (1.3.0)
      multi_json (~> 1.0)
    jammit (0.6.5)
      yui-compressor (>= 0.9.3)
    jshintrb (0.1.1)
      execjs
      multi_json
      rake
    multi_json (1.1.0)
    open4 (1.3.0)
    rake (0.9.2.2)
    yui-compressor (0.9.6)
      POpen4 (>= 0.1.4)

PLATFORMS
  x86-mingw32

DEPENDENCIES
  jammit (~> 0.6.5)
  jshintrb (>= 0.1.1)
  rake
