PATH
  remote: .
  specs:
    zurb-foundation (4.0.9)
      sass (>= 3.2.0)

GEM
  remote: https://rubygems.org/
  specs:
    rake (10.0.3)
    sass (3.2.7)

PLATFORMS
  ruby
  x86-mingw32

DEPENDENCIES
  rake
  zurb-foundation!
