PATH
  remote: .
  specs:
    zurb-foundation (3.0.6.rc2)
      compass (>= 0.12.2)
      rake
      sass (>= 3.2.0.alpha.244)

GEM
  remote: https://rubygems.org/
  specs:
    capistrano (2.12.0)
      highline
      net-scp (>= 1.0.0)
      net-sftp (>= 2.0.0)
      net-ssh (>= 2.0.14)
      net-ssh-gateway (>= 1.1.0)
    chunky_png (1.2.5)
    compass (0.12.2)
      chunky_png (~> 1.2)
      fssm (>= 0.2.7)
      sass (~> 3.1)
    fssm (0.2.9)
    highline (1.6.12)
    net-scp (1.0.4)
      net-ssh (>= 1.99.1)
    net-sftp (2.0.5)
      net-ssh (>= 2.0.9)
    net-ssh (2.5.2)
    net-ssh-gateway (1.1.0)
      net-ssh (>= 1.99.1)
    rake (0.9.2.2)
    sass (3.2.0.alpha.261)

PLATFORMS
  ruby

DEPENDENCIES
  capistrano
  zurb-foundation!
