GEM
  remote: https://rubygems.org/
  specs:
    coderay (1.0.9)
    directory_watcher (1.4.1)
    execjs (1.4.0)
      multi_json (~> 1.0)
    foreman (0.61.0)
      thor (>= 0.13.6)
    hike (1.2.1)
    libv8 (3.3.10.4)
    multi_json (1.6.1)
    rack (1.5.2)
    redcarpet (2.2.2)
    sass (3.2.6)
    slop (3.3.2)
    sprockets (2.9.0)
      hike (~> 1.2)
      multi_json (~> 1.0)
      rack (~> 1.0)
      tilt (~> 1.1, != 1.3.0)
    stasis (0.2.0)
      directory_watcher (= 1.4.1)
      slop (= 3.3.2)
      tilt (= 1.3.3)
    therubyracer (0.10.2)
      libv8 (~> 3.3.10)
    thor (0.17.0)
    tilt (1.3.3)
    uglifier (1.3.0)
      execjs (>= 0.3.0)
      multi_json (~> 1.0, >= 1.0.2)

PLATFORMS
  ruby

DEPENDENCIES
  coderay
  foreman
  redcarpet
  sass
  sprockets
  stasis
  therubyracer
  uglifier
